GEM
  remote: https://rubygems.org/
  specs:
    rake (10.1.1)
    rmagick (2.13.2)

PLATFORMS
  ruby

DEPENDENCIES
  rake (= 10.1.1)
  rmagick (= 2.13.2)
